GEM
  remote: http://rubygems.org/
  specs:
    pg (0.16.0)

PLATFORMS
  ruby

DEPENDENCIES
  pg (~> 0.16.0)

BUNDLED WITH
   1.10.6
